GIT
  remote: git://github.com/nbudin/devise_cas_authenticatable
  revision: c229ca68b85bce16ca4ffb8c412a474ea3582397
  specs:
    devise_cas_authenticatable (1.0.0.alpha4)
      devise (>= 1.0.6)
      rubycas-client (~> 2.1.0)

GIT
  remote: https://github.com/makandra/rails.git
  revision: 1487be662fa2c6a0361f014b336ed46fd82a9b4b
  branch: 3-0-lts
  specs:
    actionmailer (3.0.20)
      actionpack (= 3.0.20)
      mail (~> 2.2.19)
    actionpack (3.0.20)
      activemodel (= 3.0.20)
      activesupport (= 3.0.20)
      builder (~> 2.1.2)
      erubis (~> 2.6.6)
      i18n (~> 0.5.0)
      rack (~> 1.2.5)
      rack-mount (~> 0.6.14)
      rack-test (~> 0.5.7)
      tzinfo (~> 0.3.23)
    activemodel (3.0.20)
      activesupport (= 3.0.20)
      builder (~> 2.1.2)
      i18n (~> 0.5.0)
    activerecord (3.0.20)
      activemodel (= 3.0.20)
      activesupport (= 3.0.20)
      arel (~> 2.0.10)
      tzinfo (~> 0.3.23)
    activeresource (3.0.20)
      activemodel (= 3.0.20)
      activesupport (= 3.0.20)
    activesupport (3.0.20)
    rails (3.0.20)
      actionmailer (= 3.0.20)
      actionpack (= 3.0.20)
      activerecord (= 3.0.20)
      activeresource (= 3.0.20)
      activesupport (= 3.0.20)
      bundler (~> 1.0)
      railties (= 3.0.20)
    railties (3.0.20)
      actionpack (= 3.0.20)
      activesupport (= 3.0.20)
      railslts-version (= 3.0.20.3)
      rake (>= 0.8.7)
      rdoc (~> 3.4)
      thor (~> 0.14.4)

GEM
  remote: http://rubygems.org/
  specs:
    abstract (1.0.0)
    ae_users_migrator (1.0.3)
      activerecord (>= 2.3)
    arel (2.0.10)
    bcrypt-ruby (2.1.2)
    builder (2.1.2)
    devise (1.1.2)
      bcrypt-ruby (~> 2.1.2)
      warden (~> 0.10.7)
    erubis (2.6.6)
      abstract (>= 1.0.0)
    eu_central_bank (0.1.0)
      money (>= 2.3.0)
      nokogiri (>= 1.4.1)
    hoptoad_notifier (2.4.8)
      activesupport
      builder
    i18n (0.5.4)
    illyan_client (1.0.2)
      activeresource
    json (1.8.1)
    json_pure (1.4.6)
    mail (2.2.20)
      activesupport (>= 2.3.6)
      i18n (>= 0.4.0)
      mime-types (~> 1.16)
      treetop (~> 1.4.8)
    mime-types (1.25.1)
    money (3.0.3)
    mysql (2.8.1)
    nokogiri (1.4.3.1)
    polyglot (0.3.5)
    rack (1.2.8)
    rack-mount (0.6.14)
      rack (>= 1.0.0)
    rack-test (0.5.7)
      rack (>= 1.0)
    railslts-version (3.0.20.3)
    rake (10.3.2)
    rdoc (3.12.2)
      json (~> 1.4)
    rubycas-client (2.1.0)
      activesupport
    sqlite3-ruby (1.3.1)
    thor (0.14.6)
    treetop (1.4.15)
      polyglot
      polyglot (>= 0.3.1)
    tzinfo (0.3.39)
    warden (0.10.7)
      rack (>= 1.0.0)

PLATFORMS
  ruby

DEPENDENCIES
  ae_users_migrator
  bundler
  devise (~> 1.1.2)
  devise_cas_authenticatable!
  eu_central_bank
  hoptoad_notifier
  illyan_client
  json_pure
  mail (~> 2.2.15)
  money (~> 3.0.3)
  mysql
  rails!
  sqlite3-ruby
